GEM
  remote: https://rubygems.org/
  specs:
    activemodel (5.0.0.1)
      activesupport (= 5.0.0.1)
    activesupport (5.0.0.1)
      concurrent-ruby (~> 1.0, >= 1.0.2)
      i18n (~> 0.7)
      minitest (~> 5.1)
      tzinfo (~> 1.1)
    bson (4.1.1)
    byebug (9.0.6)
    coderay (1.1.1)
    concurrent-ruby (1.0.2)
    database_cleaner (1.5.3)
    diff-lcs (1.2.5)
    dotenv (2.1.1)
    faraday (0.10.0)
      multipart-post (>= 1.2, < 3)
    faraday_middleware (0.10.1)
      faraday (>= 0.7.4, < 1.0)
    feedjira (2.0.0)
      faraday (~> 0.9)
      faraday_middleware (~> 0.9)
      loofah (~> 2.0)
      sax-machine (~> 1.0)
    i18n (0.7.0)
    loofah (2.0.3)
      nokogiri (>= 1.5.9)
    method_source (0.8.2)
    mini_portile2 (2.1.0)
    minitest (5.9.1)
    mongo (2.3.1)
      bson (~> 4.1)
    mongoid (6.0.2)
      activemodel (~> 5.0)
      mongo (~> 2.3)
    multipart-post (2.0.0)
    nokogiri (1.6.8.1)
      mini_portile2 (~> 2.1.0)
    pry (0.10.4)
      coderay (~> 1.1.0)
      method_source (~> 0.8.1)
      slop (~> 3.4)
    pry-byebug (3.4.0)
      byebug (~> 9.0)
      pry (~> 0.10)
    rack (1.6.5)
    rack-flash3 (1.0.5)
      rack
    rack-protection (1.5.3)
      rack
    rspec (3.5.0)
      rspec-core (~> 3.5.0)
      rspec-expectations (~> 3.5.0)
      rspec-mocks (~> 3.5.0)
    rspec-core (3.5.4)
      rspec-support (~> 3.5.0)
    rspec-expectations (3.5.0)
      diff-lcs (>= 1.2.0, < 2.0)
      rspec-support (~> 3.5.0)
    rspec-mocks (3.5.0)
      diff-lcs (>= 1.2.0, < 2.0)
      rspec-support (~> 3.5.0)
    rspec-support (3.5.0)
    sax-machine (1.3.2)
    sinatra (1.4.7)
      rack (~> 1.5)
      rack-protection (~> 1.4)
      tilt (>= 1.3, < 3)
    slop (3.6.0)
    thread_safe (0.3.5)
    tilt (2.0.5)
    timecop (0.8.1)
    tzinfo (1.2.2)
      thread_safe (~> 0.1)

PLATFORMS
  ruby

DEPENDENCIES
  database_cleaner
  dotenv
  feedjira
  mongoid
  pry-byebug
  rack-flash3
  rspec
  sinatra
  timecop

BUNDLED WITH
   1.13.6
